PATH
  remote: .
  specs:
    pandoc_binary (3.1.1)

GEM
  remote: https://rubygems.org/
  specs:
    debug (1.8.0)
      irb (>= 1.5.0)
      reline (>= 0.3.1)
    io-console (0.6.0)
    irb (1.6.4)
      reline (>= 0.3.0)
    rake (13.1.0)
    reline (0.3.3)
      io-console (~> 0.5)

PLATFORMS
  x86_64-linux

DEPENDENCIES
  debug
  pandoc_binary!
  rake (~> 13.1)

BUNDLED WITH
   2.3.11
