PATH
  remote: .
  specs:
    pandoc_binary (2.11.0.4)

GEM
  remote: https://rubygems.org/
  specs:
    debug (1.5.0)
      irb (>= 1.3.6)
      reline (>= 0.2.7)
    io-console (0.5.11)
    irb (1.4.1)
      reline (>= 0.3.0)
    rake (13.0.6)
    reline (0.3.1)
      io-console (~> 0.5)

PLATFORMS
  x86_64-linux

DEPENDENCIES
  debug
  pandoc_binary!
  rake (~> 13.0)

BUNDLED WITH
   2.3.11
