PATH
  remote: .
  specs:
    pandoc_binary (2.19.2)

GEM
  remote: https://rubygems.org/
  specs:
    debug (1.7.1)
      irb (>= 1.5.0)
      reline (>= 0.3.1)
    io-console (0.6.0)
    irb (1.6.2)
      reline (>= 0.3.0)
    rake (13.0.6)
    reline (0.3.2)
      io-console (~> 0.5)

PLATFORMS
  x86_64-linux

DEPENDENCIES
  debug
  pandoc_binary!
  rake (~> 13.0)

BUNDLED WITH
   2.3.11
